GEM
  remote: https://rubygems.org/
  specs:
    ast (2.4.0)
    domain_name (0.5.20190701)
      unf (>= 0.0.5, < 1.0.0)
    dotenv (2.7.5)
    erubis (2.7.0)
    excon (0.49.0)
    heroics (0.0.16)
      erubis (~> 2.0)
      excon
      moneta
      multi_json (>= 1.9.2)
      netrc
    http-accept (1.7.0)
    http-cookie (1.0.3)
      domain_name (~> 0.5)
    jaro_winkler (1.5.4)
    json (2.3.0)
    mime-types (3.3.1)
      mime-types-data (~> 3.2015)
    mime-types-data (3.2019.1009)
    moneta (0.8.0)
    multi_json (1.11.2)
    netrc (0.11.0)
    parallel (1.19.1)
    parser (2.7.0.4)
      ast (~> 2.4.0)
    platform-api (0.6.0)
      heroics
    rainbow (3.0.0)
    rake (10.4.2)
    rest-client (2.1.0)
      http-accept (>= 1.7.0, < 2.0)
      http-cookie (>= 1.0.2, < 2.0)
      mime-types (>= 1.16, < 4.0)
      netrc (~> 0.8)
    rexml (3.2.5)
    rubocop (0.80.1)
      jaro_winkler (~> 1.5.1)
      parallel (~> 1.10)
      parser (>= 2.7.0.1)
      rainbow (>= 2.2.2, < 4.0)
      rexml
      ruby-progressbar (~> 1.7)
      unicode-display_width (>= 1.4.0, < 1.7)
    ruby-progressbar (1.10.1)
    unf (0.1.4)
      unf_ext
    unf_ext (0.0.7.6)
    unicode-display_width (1.6.1)

PLATFORMS
  ruby

DEPENDENCIES
  dotenv
  json (= 2.3.0)
  platform-api
  rake
  rest-client
  rubocop

RUBY VERSION
   ruby 2.6.5p114

BUNDLED WITH
   1.17.2
